GEM
  remote: http://rubygems.org/
  specs:
    adsf (1.0.1)
      rack (>= 1.0.0)
    compass (0.10.6)
      haml (>= 3.0.4)
    cri (1.0.1)
    diff-lcs (1.1.2)
    haml (3.0.25)
    imagesize (0.1.1)
    kramdown (0.13.1)
    mime-types (1.16)
    nanoc3 (3.1.6)
      cri (>= 1.0.0)
    rack (1.2.1)
    rack-contrib (1.1.0)
      rack (>= 0.9.1)
    rack-rewrite (1.0.2)
    rspec (2.4.0)
      rspec-core (~> 2.4.0)
      rspec-expectations (~> 2.4.0)
      rspec-mocks (~> 2.4.0)
    rspec-core (2.4.0)
    rspec-expectations (2.4.0)
      diff-lcs (~> 1.1.2)
    rspec-mocks (2.4.0)
    watchr (0.7)

PLATFORMS
  ruby

DEPENDENCIES
  adsf
  compass
  haml
  imagesize
  kramdown
  mime-types
  nanoc3
  rack
  rack-contrib
  rack-rewrite
  rspec
  watchr
